PATH
  remote: .
  specs:
    constancy (0.3.0)
      diffy (~> 3.2)
      imperium (~> 0.3)
      vault (~> 0.12)

GEM
  remote: https://rubygems.org/
  specs:
    addressable (2.8.1)
      public_suffix (>= 2.0.2, < 6.0)
    aws-sigv4 (1.0.3)
    diff-lcs (1.3)
    diffy (3.3.0)
    httpclient (2.8.3)
    imperium (0.5.2)
      addressable (~> 2.5)
      httpclient (~> 2.8)
    public_suffix (4.0.7)
    rake (12.3.3)
    rspec (3.8.0)
      rspec-core (~> 3.8.0)
      rspec-expectations (~> 3.8.0)
      rspec-mocks (~> 3.8.0)
    rspec-core (3.8.0)
      rspec-support (~> 3.8.0)
    rspec-expectations (3.8.2)
      diff-lcs (>= 1.2.0, < 2.0)
      rspec-support (~> 3.8.0)
    rspec-mocks (3.8.0)
      diff-lcs (>= 1.2.0, < 2.0)
      rspec-support (~> 3.8.0)
    rspec-support (3.8.0)
    vault (0.12.0)
      aws-sigv4

PLATFORMS
  ruby

DEPENDENCIES
  constancy!
  rake (~> 12.0)
  rspec (~> 3.0)

BUNDLED WITH
   1.17.2
